GEM
  specs:
    rack (1.6.4)
    rack-protection (1.5.3)
      rack
    redis (3.2.2)
    sinatra (1.4.7)
      rack (~> 1.5)
      rack-protection (~> 1.4)
      tilt (>= 1.3, < 3)
    tilt (2.0.2)
    zensend (0.0.1)

PLATFORMS
  ruby

DEPENDENCIES
  redis
  sinatra
  zensend

BUNDLED WITH
   1.11.2
